GEM
  remote: https://rubygems.org/
  specs:
    bigdecimal (3.1.8)
    google-protobuf (4.28.2)
      bigdecimal
      rake (>= 13)
    rake (13.2.0)

PLATFORMS
  arm64-darwin-23
  ruby
  x86_64-linux

DEPENDENCIES
  google-protobuf
  rake

RUBY VERSION
   ruby 3.4.0.preview2

BUNDLED WITH
   2.5.22
